GIT
  remote: https://github.com/codahale/bcrypt-ruby.git
  revision: 4279fa01f083b48de9a18c54423453059074ba77
  specs:
    bcrypt (3.1.13)

GEM
  remote: https://rubygems.org/
  specs:
    actioncable (5.1.7)
      actionpack (= 5.1.7)
      nio4r (~> 2.0)
      websocket-driver (~> 0.6.1)
    actionmailer (5.1.7)
      actionpack (= 5.1.7)
      actionview (= 5.1.7)
      activejob (= 5.1.7)
      mail (~> 2.5, >= 2.5.4)
      rails-dom-testing (~> 2.0)
    actionpack (5.1.7)
      actionview (= 5.1.7)
      activesupport (= 5.1.7)
      rack (~> 2.0)
      rack-test (>= 0.6.3)
      rails-dom-testing (~> 2.0)
      rails-html-sanitizer (~> 1.0, >= 1.0.2)
    actionview (5.1.7)
      activesupport (= 5.1.7)
      builder (~> 3.1)
      erubi (~> 1.4)
      rails-dom-testing (~> 2.0)
      rails-html-sanitizer (~> 1.0, >= 1.0.3)
    activejob (5.1.7)
      activesupport (= 5.1.7)
      globalid (>= 0.3.6)
    activemodel (5.1.7)
      activesupport (= 5.1.7)
    activerecord (5.1.7)
      activemodel (= 5.1.7)
      activesupport (= 5.1.7)
      arel (~> 8.0)
    activesupport (5.1.7)
      concurrent-ruby (~> 1.0, >= 1.0.2)
      i18n (>= 0.7, < 2)
      minitest (~> 5.1)
      tzinfo (~> 1.1)
    ansi (1.5.0)
    arel (8.0.0)
    autoprefixer-rails (9.6.5)
      execjs
    bootstrap (4.3.1)
      autoprefixer-rails (>= 9.1.0)
      popper_js (>= 1.14.3, < 2)
      sassc-rails (>= 2.0.0)
    bootstrap-will_paginate (0.0.10)
      will_paginate
    bootstrap_form (4.3.0)
      actionpack (>= 5.0)
      activemodel (>= 5.0)
    builder (3.2.3)
    byebug (3.4.0)
      columnize (~> 0.8)
      debugger-linecache (~> 1.2)
      slop (~> 3.6)
    coderay (1.1.2)
    coffee-rails (4.2.2)
      coffee-script (>= 2.2.0)
      railties (>= 4.0.0)
    coffee-script (2.4.1)
      coffee-script-source
      execjs
    coffee-script-source (1.8.0)
    columnize (0.9.0)
    concurrent-ruby (1.1.5)
    crass (1.0.4)
    debase (0.2.4.1)
      debase-ruby_core_source (>= 0.10.2)
    debase-ruby_core_source (0.10.6)
    debug_inspector (0.0.3)
    debugger-linecache (1.2.0)
    docile (1.3.2)
    erubi (1.9.0)
    execjs (2.7.0)
    faker (1.4.2)
      i18n (~> 0.5)
    ffi (1.11.1)
    ffi (1.11.1-x64-mingw32)
    font-awesome-sass (5.11.2)
      sassc (>= 1.11)
    formatador (0.2.5)
    globalid (0.4.2)
      activesupport (>= 4.2.0)
    guard (2.15.1)
      formatador (>= 0.2.4)
      listen (>= 2.7, < 4.0)
      lumberjack (>= 1.0.12, < 2.0)
      nenv (~> 0.1)
      notiffany (~> 0.0)
      pry (>= 0.9.12)
      shellany (~> 0.0)
      thor (>= 0.18.1)
    guard-minitest (2.3.1)
      guard (~> 2.0)
      minitest (>= 3.0)
    i18n (0.9.5)
      concurrent-ruby (~> 1.0)
    jbuilder (2.7.0)
      activesupport (>= 4.2.0)
      multi_json (>= 1.2)
    jquery-rails (4.3.5)
      rails-dom-testing (>= 1, < 3)
      railties (>= 4.2.0)
      thor (>= 0.14, < 2.0)
    json (1.8.6)
    listen (3.2.0)
      rb-fsevent (~> 0.10, >= 0.10.3)
      rb-inotify (~> 0.9, >= 0.9.10)
    loofah (2.3.0)
      crass (~> 1.0.2)
      nokogiri (>= 1.5.9)
    lumberjack (1.0.13)
    mail (2.7.1)
      mini_mime (>= 0.1.1)
    method_source (0.9.2)
    mini_mime (1.0.2)
    mini_portile2 (2.4.0)
    minitest (5.12.2)
    minitest-reporters (1.0.5)
      ansi
      builder
      minitest (>= 5.0)
      ruby-progressbar
    multi_json (1.14.1)
    nenv (0.3.0)
    nio4r (2.5.2)
    nokogiri (1.10.4)
      mini_portile2 (~> 2.4.0)
    nokogiri (1.10.4-x64-mingw32)
      mini_portile2 (~> 2.4.0)
    notiffany (0.1.3)
      nenv (~> 0.1)
      shellany (~> 0.0)
    pg (0.17.1)
    pg (0.17.1-x64-mingw32)
    popper_js (1.14.5)
    pry (0.12.2)
      coderay (~> 1.1.0)
      method_source (~> 0.9.0)
    pry-rails (0.3.9)
      pry (>= 0.10.4)
    rack (2.0.7)
    rack-test (1.1.0)
      rack (>= 1.0, < 3)
    rails (5.1.7)
      actioncable (= 5.1.7)
      actionmailer (= 5.1.7)
      actionpack (= 5.1.7)
      actionview (= 5.1.7)
      activejob (= 5.1.7)
      activemodel (= 5.1.7)
      activerecord (= 5.1.7)
      activesupport (= 5.1.7)
      bundler (>= 1.3.0)
      railties (= 5.1.7)
      sprockets-rails (>= 2.0.0)
    rails-dom-testing (2.0.3)
      activesupport (>= 4.2.0)
      nokogiri (>= 1.6)
    rails-html-sanitizer (1.3.0)
      loofah (~> 2.3)
    rails-i18n (5.1.3)
      i18n (>= 0.7, < 2)
      railties (>= 5.0, < 6)
    rails_12factor (0.0.2)
      rails_serve_static_assets
      rails_stdout_logging
    rails_serve_static_assets (0.0.5)
    rails_stdout_logging (0.0.5)
    railties (5.1.7)
      actionpack (= 5.1.7)
      activesupport (= 5.1.7)
      method_source
      rake (>= 0.8.7)
      thor (>= 0.18.1, < 2.0)
    rake (13.0.0)
    rb-fsevent (0.10.3)
    rb-inotify (0.10.0)
      ffi (~> 1.0)
    rdoc (4.3.0)
    record_tag_helper (1.0.0)
      actionview (~> 5.x)
    ruby-debug-ide (0.7.0)
      rake (>= 0.8.1)
    ruby-progressbar (1.10.1)
    sassc (2.2.1)
      ffi (~> 1.9)
    sassc (2.2.1-x64-mingw32)
      ffi (~> 1.9)
    sassc-rails (2.1.2)
      railties (>= 4.0.0)
      sassc (>= 2.0)
      sprockets (> 3.0)
      sprockets-rails
      tilt
    sdoc (0.4.0)
      json (~> 1.8)
      rdoc (~> 4.0, < 5.0)
    seed-fu (2.3.9)
      activerecord (>= 3.1)
      activesupport (>= 3.1)
    shellany (0.0.1)
    simplecov (0.17.1)
      docile (~> 1.1)
      json (>= 1.8, < 3)
      simplecov-html (~> 0.10.0)
    simplecov-html (0.10.2)
    slop (3.6.0)
    sprockets (3.7.2)
      concurrent-ruby (~> 1.0)
      rack (> 1, < 3)
    sprockets-rails (3.2.1)
      actionpack (>= 4.0)
      activesupport (>= 4.0)
      sprockets (>= 3.0.0)
    sqlite3 (1.3.13)
    sqlite3 (1.3.13-x64-mingw32)
    thor (0.20.3)
    thread_safe (0.3.6)
    tilt (2.0.10)
    turbolinks (5.2.1)
      turbolinks-source (~> 5.2)
    turbolinks-source (5.2.0)
    tzinfo (1.2.5)
      thread_safe (~> 0.1)
    tzinfo-data (1.2019.3)
      tzinfo (>= 1.0.0)
    uglifier (4.2.0)
      execjs (>= 0.3.0, < 3)
    web-console (3.1.1)
      activemodel (>= 4.2)
      debug_inspector
      railties (>= 4.2)
    websocket-driver (0.6.5)
      websocket-extensions (>= 0.1.0)
    websocket-extensions (0.1.4)
    will_paginate (3.2.1)

PLATFORMS
  ruby
  x64-mingw32

DEPENDENCIES
  bcrypt!
  bootstrap (~> 4.3.1)
  bootstrap-will_paginate (= 0.0.10)
  bootstrap_form (~> 4.0)
  byebug (= 3.4.0)
  coffee-rails (= 4.2.2)
  coffee-script-source (= 1.8.0)
  debase
  faker (= 1.4.2)
  font-awesome-sass
  guard-minitest (= 2.3.1)
  jbuilder (= 2.7.0)
  jquery-rails
  minitest-reporters (= 1.0.5)
  pg (= 0.17.1)
  pry-rails
  rails (~> 5.1.6)
  rails-i18n (~> 5.1)
  rails_12factor (= 0.0.2)
  record_tag_helper (~> 1.0)
  ruby-debug-ide
  sdoc (= 0.4.0)
  seed-fu (~> 2.3)
  simplecov
  sprockets-rails
  sqlite3 (= 1.3.13)
  turbolinks (~> 5.2)
  tzinfo-data
  uglifier (>= 1.3.0)
  web-console (= 3.1.1)

BUNDLED WITH
   1.17.3
